GEM
  remote: http://rubygems.org/
  specs:
    activemodel (3.2.12)
      activesupport (= 3.2.12)
      builder (~> 3.0.0)
    activerecord (3.2.12)
      activemodel (= 3.2.12)
      activesupport (= 3.2.12)
      arel (~> 3.0.2)
      tzinfo (~> 0.3.29)
    activerecord-postgresql-adapter (0.0.1)
      pg
    activeresource (3.2.12)
      activemodel (= 3.2.12)
      activesupport (= 3.2.12)
    activesupport (3.2.12)
      i18n (~> 0.6)
      multi_json (~> 1.0)
    addressable (2.2.8)
    arel (3.0.2)
    bcrypt-ruby (3.0.1)
    bcrypt-ruby (3.0.1-java)
    bcrypt-ruby (3.0.1-x86-mingw32)
    builder (3.0.4)
    celluloid (0.12.4)
      facter (>= 1.6.12)
      timers (>= 1.0.0)
    crypt-isaac (0.9.1)
    data_mapper (1.2.0)
      dm-aggregates (~> 1.2.0)
      dm-constraints (~> 1.2.0)
      dm-core (~> 1.2.0)
      dm-migrations (~> 1.2.0)
      dm-serializer (~> 1.2.0)
      dm-timestamps (~> 1.2.0)
      dm-transactions (~> 1.2.0)
      dm-types (~> 1.2.0)
      dm-validations (~> 1.2.0)
    data_objects (0.10.12)
      addressable (~> 2.1)
    dm-aggregates (1.2.0)
      dm-core (~> 1.2.0)
    dm-constraints (1.2.0)
      dm-core (~> 1.2.0)
    dm-core (1.2.0)
      addressable (~> 2.2.6)
    dm-do-adapter (1.2.0)
      data_objects (~> 0.10.6)
      dm-core (~> 1.2.0)
    dm-migrations (1.2.0)
      dm-core (~> 1.2.0)
    dm-postgres-adapter (1.2.0)
      dm-do-adapter (~> 1.2.0)
      do_postgres (~> 0.10.6)
    dm-serializer (1.2.2)
      dm-core (~> 1.2.0)
      fastercsv (~> 1.5)
      json (~> 1.6)
      json_pure (~> 1.6)
      multi_json (~> 1.0)
    dm-timestamps (1.2.0)
      dm-core (~> 1.2.0)
    dm-transactions (1.2.0)
      dm-core (~> 1.2.0)
    dm-types (1.2.2)
      bcrypt-ruby (~> 3.0)
      dm-core (~> 1.2.0)
      fastercsv (~> 1.5)
      json (~> 1.6)
      multi_json (~> 1.0)
      stringex (~> 1.4)
      uuidtools (~> 2.1)
    dm-validations (1.2.0)
      dm-core (~> 1.2.0)
    do_jdbc (0.10.12-java)
      data_objects (= 0.10.12)
    do_postgres (0.10.12)
      data_objects (= 0.10.12)
    do_postgres (0.10.12-java)
      data_objects (= 0.10.12)
      do_jdbc (= 0.10.12)
      jdbc-postgres (>= 8.2)
    do_postgres (0.10.12-x86-mingw32)
      data_objects (= 0.10.12)
    facter (1.6.17)
    fastercsv (1.5.5)
    i18n (0.6.1)
    jdbc-postgres (9.2.1002.1)
    json (1.7.7)
    json (1.7.7-java)
    json_pure (1.7.7)
    mail (2.5.3)
      i18n (>= 0.4.0)
      mime-types (~> 1.16)
      treetop (~> 1.4.8)
    mime-types (1.21)
    multi_json (1.6.1)
    net-ldap (0.1.1)
    nokogiri (1.5.6)
    nokogiri (1.5.6-java)
    nokogiri (1.5.6-x86-mingw32)
    pg (0.14.1)
    pg (0.14.1-x86-mingw32)
    polyglot (0.3.3)
    pony (1.4)
      mail (> 2.0)
    puma (1.6.3)
      rack (~> 1.2)
    puma (1.6.3-java)
      rack (~> 1.2)
    r18n-core (1.1.4)
    rack (1.5.2)
    rack-flash3 (1.0.3)
      rack
      rack
    rack-protection (1.3.2)
      rack
    redis (3.0.2)
    redis-namespace (1.2.1)
      redis (~> 3.0.0)
    resque (1.23.0)
      multi_json (~> 1.0)
      redis-namespace (~> 1.0)
      sinatra (>= 0.9.2)
      vegas (~> 0.1.2)
    sinatra (1.3.4)
      rack (~> 1.4)
      rack-protection (~> 1.3)
      tilt (~> 1.3, >= 1.3.3)
    sinatra-r18n (1.1.4)
      r18n-core (= 1.1.4)
      sinatra (>= 1.3)
    stringex (1.5.1)
    tilt (1.3.3)
    timers (1.1.0)
    treetop (1.4.12)
      polyglot
      polyglot (>= 0.3.1)
    tzinfo (0.3.35)
    uuidtools (2.1.3)
    vegas (0.1.11)
      rack (>= 1.0.0)

PLATFORMS
  java
  ruby
  x86-mingw32

DEPENDENCIES
  activerecord
  activerecord-postgresql-adapter
  activeresource (>= 2.3.12, < 4.0)
  bcrypt-ruby
  celluloid
  crypt-isaac
  data_mapper
  dm-postgres-adapter
  net-ldap (~> 0.1.1)
  nokogiri
  pony
  puma
  rack-flash3
  resque
  sinatra
  sinatra-r18n
